GEM
  remote: http://rubygems.org/
  specs:
    activesupport (6.0.3.2)
      concurrent-ruby (~> 1.0, >= 1.0.2)
      i18n (>= 0.7, < 2)
      minitest (~> 5.1)
      tzinfo (~> 1.1)
      zeitwerk (~> 2.2, >= 2.2.2)
    addressable (2.5.1)
      public_suffix (~> 2.0, >= 2.0.2)
    coderay (1.1.1)
    concurrent-ruby (1.1.7)
    faraday (0.12.1)
      multipart-post (>= 1.2, < 3)
    ffi (1.13.1)
    haml (5.0.1)
      temple (>= 0.8.0)
      tilt
    i18n (1.8.5)
      concurrent-ruby (~> 1.0)
    listen (3.1.5)
      rb-fsevent (~> 0.9, >= 0.9.4)
      rb-inotify (~> 0.9, >= 0.9.7)
      ruby_dep (~> 1.2)
    method_source (0.8.2)
    minitest (5.14.1)
    multipart-post (2.0.0)
    mustermann (1.1.1)
      ruby2_keywords (~> 0.0.1)
    octokit (4.7.0)
      sawyer (~> 0.8.0, >= 0.5.3)
    pg (0.21.0)
    pry (0.10.4)
      coderay (~> 1.1.0)
      method_source (~> 0.8.1)
      slop (~> 3.4)
    public_suffix (2.0.5)
    rack (2.2.3)
    rack-protection (2.0.2)
      rack
    rack-ssl (1.4.1)
      rack
    rb-fsevent (0.9.8)
    rb-inotify (0.9.9)
      ffi (~> 1.0)
    rerun (0.11.0)
      listen (~> 3.0)
    ruby2_keywords (0.0.2)
    ruby_dep (1.5.0)
    sawyer (0.8.1)
      addressable (>= 2.3.5, < 2.6)
      faraday (~> 0.8, < 1.0)
    sinatra (2.0.2)
      mustermann (~> 1.0)
      rack (~> 2.0)
      rack-protection (= 2.0.2)
      tilt (~> 2.0)
    slop (3.6.0)
    temple (0.8.0)
    thread_safe (0.3.6)
    tilt (2.0.10)
    tzinfo (1.2.7)
      thread_safe (~> 0.1)
    warden (1.2.7)
      rack (>= 1.0)
    warden-github (1.3.2)
      activesupport (> 3.0)
      octokit (> 2.1.0)
      warden (> 1.0)
    zeitwerk (2.4.0)

PLATFORMS
  ruby

DEPENDENCIES
  haml
  pg
  pry
  rack-ssl
  rerun
  sinatra
  warden-github

BUNDLED WITH
   1.15.1
